GEM
  remote: https://rubygems.org/
  specs:
    em-websocket (0.5.1)
      eventmachine (>= 0.12.9)
      http_parser.rb (~> 0.6.0)
    eventmachine (1.0.9.1)
    http_parser.rb (0.6.0)

PLATFORMS
  ruby

DEPENDENCIES
  em-websocket
  eventmachine (~> 1.0.4)

BUNDLED WITH
   2.1.4
